GEM
  remote: https://rubygems.org/
  specs:
    html2text (0.3.1)
      nokogiri (~> 1.10.3)
    mini_portile2 (2.4.0)
    nokogiri (1.10.9)
      mini_portile2 (~> 2.4.0)

PLATFORMS
  ruby

DEPENDENCIES
  html2text (~> 0.3.1)
  nokogiri (~> 1.10)

BUNDLED WITH
   2.1.4
